GEM
  specs:
    rspec-core (3.8.2)
      rspec-support (~> 3.8.0)
    rspec-support (3.8.2)

PLATFORMS
  ruby

DEPENDENCIES
  rspec-core

BUNDLED WITH
   2.0.1
